GEM
  remote: http://rubygems.org/
  specs:
    commander (4.1.2)
      highline (~> 1.6.11)
    highline (1.6.11)

PLATFORMS
  ruby

DEPENDENCIES
  commander
